PATH
  remote: ~/dev/berkshelf
  specs:
    berkshelf (1.1.6)
      activesupport
      chef (= 10.16.2)
      chozo (>= 0.4.2)
      hashie
      json (>= 1.5.0)
      minitar
      moneta (~> 0.6.0)
      multi_json (~> 1.5)
      net-ssh-gateway (= 1.1.0)
      ridley (>= 0.7.0.rc1)
      solve (>= 0.4.0.rc1)
      thor (~> 0.16.0)
      yajl-ruby

GEM
  remote: http://rubygems.org/
  specs:
    activesupport (3.2.12)
      i18n (~> 0.6)
      multi_json (~> 1.0)
    addressable (2.3.3)
    builder (3.2.0)
    bunny (0.7.9)
    celluloid (0.12.4)
      facter (>= 1.6.12)
      timers (>= 1.0.0)
    chef (10.16.2)
      bunny (>= 0.6.0, < 0.8.0)
      erubis
      highline (>= 1.6.9)
      json (>= 1.4.4, <= 1.6.1)
      mixlib-authentication (>= 1.3.0)
      mixlib-cli (>= 1.1.0)
      mixlib-config (>= 1.1.2)
      mixlib-log (>= 1.3.0)
      mixlib-shellout
      moneta
      net-ssh (~> 2.2.2)
      net-ssh-multi (~> 1.1.0)
      ohai (>= 0.6.0)
      rest-client (>= 1.0.4, < 1.7.0)
      treetop (~> 1.4.9)
      uuidtools
      yajl-ruby (~> 1.1)
    chozo (0.4.2)
      activesupport (>= 3.2.0)
      hashie
      multi_json (>= 1.3.0)
    erubis (2.7.0)
    excon (0.18.5)
    facter (1.6.17)
    faraday (0.8.6)
      multipart-post (~> 1.1)
    fog (1.9.0)
      builder
      excon (~> 0.14)
      formatador (~> 0.2.0)
      mime-types
      multi_json (~> 1.0)
      net-scp (~> 1.0.4)
      net-ssh (>= 2.1.3)
      nokogiri (~> 1.5.0)
      ruby-hmac
    formatador (0.2.4)
    hashie (2.0.0)
    highline (1.6.15)
    i18n (0.6.1)
    ipaddress (0.8.0)
    json (1.6.1)
    mime-types (1.21)
    minitar (0.5.4)
    mixlib-authentication (1.3.0)
      mixlib-log
    mixlib-cli (1.3.0)
    mixlib-config (1.1.2)
    mixlib-log (1.4.1)
    mixlib-shellout (1.1.0)
    moneta (0.6.0)
    multi_json (1.6.1)
    multipart-post (1.1.5)
    net-http-persistent (2.8)
    net-scp (1.0.4)
      net-ssh (>= 1.99.1)
    net-ssh (2.2.2)
    net-ssh-gateway (1.1.0)
      net-ssh (>= 1.99.1)
    net-ssh-multi (1.1)
      net-ssh (>= 2.1.4)
      net-ssh-gateway (>= 0.99.0)
    nokogiri (1.5.6)
    ohai (6.16.0)
      ipaddress
      mixlib-cli
      mixlib-config
      mixlib-log
      mixlib-shellout
      systemu
      yajl-ruby
    polyglot (0.3.3)
    rest-client (1.6.7)
      mime-types (>= 1.16)
    ridley (0.7.0.rc1)
      activesupport (>= 3.2.0)
      addressable
      celluloid
      chozo (>= 0.4.1)
      erubis
      faraday (>= 0.8.4)
      json (>= 1.5.0)
      mixlib-authentication
      mixlib-log
      multi_json (>= 1.0.4)
      net-http-persistent (>= 2.8)
      net-ssh
    ruby-hmac (0.4.0)
    solve (0.4.1)
      json
    systemu (2.5.2)
    thor (0.16.0)
    timers (1.1.0)
    treetop (1.4.12)
      polyglot
      polyglot (>= 0.3.1)
    uuidtools (2.1.3)
    yajl-ruby (1.1.0)

PLATFORMS
  ruby

DEPENDENCIES
  berkshelf!
  fog
  minitar
  thor
